GEM
  remote: https://rubygems.org/
  specs:
    airrecord (1.0.9)
      faraday (>= 0.10, < 3.0)
      faraday-net_http_persistent
      net-http-persistent
    connection_pool (2.2.5)
    dotenv (2.7.6)
    faraday (2.2.0)
      faraday-net_http (~> 2.0)
      ruby2_keywords (>= 0.0.4)
    faraday-net_http (2.0.1)
    faraday-net_http_persistent (2.0.1)
      faraday-net_http
      net-http-persistent (~> 4.0)
    net-http-persistent (4.0.1)
      connection_pool (~> 2.2)
    ruby2_keywords (0.0.5)

PLATFORMS
  x86_64-darwin-21

DEPENDENCIES
  airrecord
  dotenv

BUNDLED WITH
   2.3.10
